PATH
  remote: .
  specs:
    ZillowSearcher (0.1.0)

GEM
  remote: https://rubygems.org/
  remote: http://rubygems.org/
  specs:
    coderay (1.1.2)
    method_source (0.8.2)
    mini_portile2 (2.3.0)
    nokogiri (1.8.3)
      mini_portile2 (~> 2.3.0)
    nokogiri (1.8.3-x64-mingw32)
      mini_portile2 (~> 2.3.0)
    open_uri_redirections (0.2.1)
    pry (0.10.4)
      coderay (~> 1.1.0)
      method_source (~> 0.8.1)
      slop (~> 3.4)
    pry-nav (0.2.4)
      pry (>= 0.9.10, < 0.11.0)
    rake (12.3.1)
    require_all (2.0.0)
    slop (3.6.0)

PLATFORMS
  ruby
  x64-mingw32

DEPENDENCIES
  ZillowSearcher!
  bundler (~> 1.16)
  coderay!
  nokogiri
  open_uri_redirections!
  pry
  pry-nav
  rake
  require_all

BUNDLED WITH
   1.16.2
